PATH
  remote: .
  specs:
    omniauth-saml (1.0.0)
      omniauth (~> 1.1)
      ruby-saml (~> 0.6)

GEM
  remote: http://rubygems.org/
  specs:
    canonix (0.1.1)
    coderay (1.0.8)
    diff-lcs (1.1.3)
    guard (1.5.3)
      listen (>= 0.4.2)
      lumberjack (>= 1.0.2)
      pry (>= 0.9.10)
      thor (>= 0.14.6)
    guard-rspec (2.1.1)
      guard (>= 1.1)
      rspec (~> 2.11)
    hashie (1.2.0)
    listen (0.5.3)
    lumberjack (1.0.2)
    macaddr (1.6.1)
      systemu (~> 2.5.0)
    method_source (0.8.1)
    multi_json (1.3.7)
    nokogiri (1.5.5)
    omniauth (1.1.1)
      hashie (~> 1.2)
      rack
    pry (0.9.10)
      coderay (~> 1.0.5)
      method_source (~> 0.8)
      slop (~> 3.3.1)
    rack (1.4.1)
    rack-test (0.6.2)
      rack (>= 1.0)
    rspec (2.11.0)
      rspec-core (~> 2.11.0)
      rspec-expectations (~> 2.11.0)
      rspec-mocks (~> 2.11.0)
    rspec-core (2.11.1)
    rspec-expectations (2.11.3)
      diff-lcs (~> 1.1.3)
    rspec-mocks (2.11.3)
    ruby-saml (0.6.0)
      canonix (= 0.1.1)
      nokogiri
      uuid (~> 2.3)
    simplecov (0.7.1)
      multi_json (~> 1.0)
      simplecov-html (~> 0.7.1)
    simplecov-html (0.7.1)
    slop (3.3.3)
    systemu (2.5.2)
    thor (0.16.0)
    uuid (2.3.6)
      macaddr (~> 1.0)

PLATFORMS
  ruby

DEPENDENCIES
  guard (~> 1.0)
  guard-rspec (~> 2.1)
  omniauth-saml!
  rack-test (~> 0.6)
  rspec (~> 2.8)
  simplecov (~> 0.6)
